##TITLE= Parameter file, XWIN-NMR		Version 3.5
##JCAMPDX= 5.0
##DATATYPE= Parameter Values
##ORIGIN= UXNMR, Bruker Analytische Messtechnik GmbH
##OWNER= root
$$ Mon Apr  9 14:18:13 2007 Central Daylight Time (UT-5h)  qiucui@CUI
$$ C:/Bruker/XWIN-NMR/data/cui/nmr/expnmr_00001/1/pdata/1/procs
##$ABSF1= 0
##$ABSF2= 0
##$ABSG= 0
##$ABSL= 0
##$ALPHA= 0
##$AQORDER= 0
##$ASSFAC= 0
##$ASSFACI= 0
##$ASSFACX= 0
##$ASSWID= 0
##$AUNMP= <proc_1d>
##$AZFE= 0.1
##$AZFW= 0.1
##$BCFW= 0
##$BC_mod= 0
##$BYTORDP= 0
##$COROFFS= 0
##$CY= -3
##$DATMOD= 1
##$DC= 0
##$DFILT= <>
##$DTYPP= 0
##$F1P= 0
##$F2P= 0
##$FCOR= 0.5
##$FTSIZE= 32768
##$FT_mod= 6
##$GAMMA= 0
##$GB= 0
##$INTBC= 1
##$INTSCL= 1
##$ISEN= 128
##$LB= 0.5
##$LEV0= 0
##$LPBIN= 0
##$MAXI= 36
##$MC2= 0
##$MEAN= 0
##$ME_mod= 0
##$MI= 0.12
##$NCOEF= 0
##$NC_proc= -9
##$NLEV= 6
##$NOISF1= 0
##$NOISF2= 0
##$NSP= 0
##$NTH_PF= 0 
##$NTH_PI= 0
##$NZP= 0
##$OFFSET= 10.80236
##$PC= 3
##$PHC0= 29.43856
##$PHC1= -13.1336
##$PH_mod= 1
##$PKNL= yes
##$PPARMOD= 0
##$PSCAL= 5
##$PSIGN= 0
##$REVERSE= no
##$SF= 400.129962110001
##$SI= 32768
##$SIGF1= 0
##$SIGF2= 0
##$SINO= 400
##$SIOLD= 32768
##$SREGLST= <1H.D2O>
##$SSB= 0
##$STSI= 32768
##$STSR= 0
##$SW_p= 4807.69230769232
##$SYMM= 0
##$S_DEV= 0
##$T1D= 5 
##$TDeff= 32768
##$TDoff= 0
##$TI= <>
##$TILT= no
##$TM1= 0
##$TM2= 0
##$TOPLEV= 0
##$USERP1= <user>
##$USERP2= <user>
##$USERP3= <user>
##$USERP4= <user>
##$USERP5= <user>
##$WDW= 1
##$XDIM= 8192
##$YMAX_p= 429974988
##$YMIN_p= -160057
##END=
